NUGET
  remote: https://nuget.org/api/v2
  specs:
    Eto.Forms (2.0.7)
    ExtCore (0.8.45)
    FAKE (3.33.0)
    FsCheck (1.0.4)
    FsCheck.Xunit (1.0.4)
      FsCheck (>= 1.0.4)
      xunit (>= 1.9.2)
    xunit (2.0.0)
      xunit.assert (2.0.0)
      xunit.core (2.0.0)
    xunit.abstractions (2.0.0)
    xunit.assert (2.0.0)
    xunit.core (2.0.0)
      xunit.extensibility.core (2.0.0)
    xunit.extensibility.core (2.0.0)
      xunit.abstractions (2.0.0)
